GEM
  remote: https://rubygems.org/
  specs:
    dotenv (0.11.1)
      dotenv-deployment (~> 0.0.2)
    dotenv-deployment (0.0.2)
    foreman (0.74.0)
      dotenv (~> 0.11.1)
      thor (~> 0.19.1)
    mina (0.3.3)
      open4 (~> 1.3.4)
      rake
    open4 (1.3.4)
    rake (10.4.2)
    thor (0.19.1)

PLATFORMS
  ruby

DEPENDENCIES
  foreman
  mina
